GEM
  remote: http://rubygems.org/
  specs:
    chunky_png (1.2.6)
    compass (0.13.alpha.0)
      chunky_png (~> 1.2)
      fssm (>= 0.2.7)
      sass (~> 3.2.0.alpha.93)
    fssm (0.2.9)
    modular-scale (1.0.2)
      compass (>= 0.11.5)
      sassy-math (>= 1.2)
    sass (3.2.0)
    sassy-math (1.2)
      compass (~> 0.11)
    susy (1.0)
      compass (>= 0.12.2)
      sass (>= 3.2.0)

PLATFORMS
  ruby

DEPENDENCIES
  chunky_png (~> 1.2.5)
  compass (~> 0.13.alpha.0)
  modular-scale (~> 1.0.2)
  sass (~> 3.2.0)
  susy (~> 1.0)
