GIT
  remote: git://github.com/chriseppstein/compass
  revision: 7ff38d178cdfd167227dd7ed6bdbc028e9626a0e
  branch: master
  specs:
    compass (0.13.alpha.0.7ff38d1)
      chunky_png (~> 1.2)
      listen (~> 0.5.3)
      sass (~> 3.2.0.alpha.93)

GIT
  remote: git://github.com/ericam/accoutrement
  revision: f6a8873119d327cf3f72a67a26c9834bebd9086f
  branch: master
  specs:
    accoutrement (0.0.4)
      compass (>= 0.12.2)

GIT
  remote: git://github.com/ericam/susy
  revision: 68a84c65f2b78c577d7c42c83ead7f44020f3c84
  branch: master
  specs:
    susy (1.0.5)
      compass (>= 0.12.2)
      sass (>= 3.2.0)

GEM
  remote: http://rubygems.org/
  specs:
    animate (0.2.beta.0)
      compass (>= 0.13.alpha.0)
      sass (>= 3.2.0)
    chunky_png (1.2.6)
    listen (0.5.3)
    modular-scale (1.0.2)
      compass (>= 0.11.5)
      sassy-math (>= 1.2)
    rb-fsevent (0.9.2)
    sass (3.2.2)
    sassy-math (1.2)
      compass (~> 0.11)

PLATFORMS
  ruby

DEPENDENCIES
  accoutrement!
  animate (~> 0.2.beta.0)
  chunky_png (~> 1.2.5)
  compass!
  modular-scale (~> 1.0.2)
  rb-fsevent (~> 0.9.1)
  sass (~> 3.2.1)
  susy!
